PATH
  remote: .
  specs:
    fake_series (0.1.0)
      rutie (~> 0.0.4)

GEM
  remote: https://rubygems.org/
  specs:
    byebug (11.1.1)
    minitest (5.14.0)
    rake (12.3.3)
    rutie (0.0.4)

PLATFORMS
  ruby

DEPENDENCIES
  byebug
  fake_series!
  minitest (~> 5.0)
  rake (~> 12.0)

BUNDLED WITH
   2.1.4
